GEM
  remote: http://rubygems.org/
  specs:
    diff-lcs (1.1.3)
    envjs (0.3.7)
      johnson (>= 2.0.0.pre3)
    harmony (0.5.6)
      envjs (= 0.3.7)
      johnson (= 2.0.0.pre3)
    johnson (2.0.0.pre3)
      stackdeck (~> 0.2)
    json (1.6.1)
    rspec (2.6.0)
      rspec-core (~> 2.6.0)
      rspec-expectations (~> 2.6.0)
      rspec-mocks (~> 2.6.0)
    rspec-core (2.6.4)
    rspec-expectations (2.6.0)
      diff-lcs (~> 1.1.2)
    rspec-mocks (2.6.0)
    stackdeck (0.2.0)

PLATFORMS
  ruby

DEPENDENCIES
  harmony
  json
  rspec
